GEM
  remote: http://rubygems.org/
  specs:
    config_context (0.5.0)
    git (1.2.5)
    jeweler (1.5.2)
      bundler (~> 1.0.0)
      git (>= 1.2.5)
      rake
    net-ldap (0.2.2)
    rake (0.9.1)
    rcov (0.9.9)
    shoulda (2.11.3)
    slop (1.6.1)

PLATFORMS
  ruby

DEPENDENCIES
  bundler (~> 1.0.0)
  config_context
  jeweler (~> 1.5.1)
  net-ldap
  rcov
  shoulda
  slop
