GEM
  remote: http://rubygems.org/
  specs:
    choice (0.1.4)
    config_context (0.6.1)
    git (1.2.5)
    jeweler (1.5.2)
      bundler (~> 1.0.0)
      git (>= 1.2.5)
      rake
    net-ldap (0.2.2)
    rake (0.9.2)
    shoulda (2.11.3)

PLATFORMS
  ruby

DEPENDENCIES
  choice
  config_context
  jeweler (~> 1.5.1)
  net-ldap
  shoulda
